GEM
  remote: https://rubygems.org/
  specs:
    docusign_esign (3.1.0.pre.rc1)
      json (~> 2.1, >= 2.1.0)
      jwt (~> 1.0, >= 1.5.2)
      typhoeus (~> 1.0, >= 1.0.1)
    ethon (0.12.0)
      ffi (>= 1.3.0)
    ffi (1.11.3)
    ffi (1.11.3-x64-mingw32)
    json (2.3.0)
    jwt (1.5.6)
    typhoeus (1.3.1)
      ethon (>= 0.9.0)

PLATFORMS
  ruby
  x64-mingw32

DEPENDENCIES
  docusign_esign

BUNDLED WITH
   2.1.2
