GEM
  remote: https://rubygems.org/
  specs:
    docusign_esign (1.0.0)
      json (~> 1.8, >= 1.8.3)
      jwt (~> 2.0, >= 2.0.0)
      typhoeus (~> 1.0, >= 1.0.1)
    ethon (0.11.0)
      ffi (>= 1.3.0)
    ffi (1.9.18)
    json (1.8.6)
    jwt (2.1.0)
    typhoeus (1.3.0)
      ethon (>= 0.9.0)

PLATFORMS
  ruby

DEPENDENCIES
  docusign_esign

BUNDLED WITH
   1.16.3
